GEM
  remote: http://rubygems.org/
  specs:
    daemons (1.1.6)
    eventmachine (0.12.10)
    nokogiri (1.5.0)
    odf-report (0.4.1)
      nokogiri (>= 1.5.0, >= 0)
      rubyzip (>= 0.9.4, >= 0)
    rack (1.4.1)
    rack-protection (1.2.0)
      rack
    ruby-ole (1.2.11.2)
    rubyzip (0.9.4)
    sinatra (1.3.2)
      rack (~> 1.3, >= 1.3.6)
      rack-protection (~> 1.2)
      tilt (~> 1.3, >= 1.3.3)
    spreadsheet (0.6.5.9)
      ruby-ole (>= 1.0)
    thin (1.3.1)
      daemons (>= 1.0.9)
      eventmachine (>= 0.12.6)
      rack (>= 1.0.0)
    tilt (1.3.3)

PLATFORMS
  ruby

DEPENDENCIES
  odf-report (~> 0.4.1)
  sinatra (~> 1.3.2)
  spreadsheet (~> 0.6.5.9)
  thin (~> 1.3.1)
