GIT
  remote: https://github.com/hugomaiavieira/ruby-ods.git
  revision: 738ab6c97060d570c1fe10ff2bf710595d7aaed5
  specs:
    yalab-ruby-ods (0.0.0)
      nokogiri (>= 1.4.0)
      rubyzip (>= 1.0.0)

GEM
  remote: http://rubygems.org/
  specs:
    base64 (0.2.0)
    bigdecimal (3.1.8)
    daemons (1.4.1)
    eventmachine (1.2.7)
    logger (1.6.2)
    mime-types (3.6.0)
      logger
      mime-types-data (~> 3.2015)
    mime-types-data (3.2024.1203)
    mini_portile2 (2.8.8)
    mustermann (3.0.3)
      ruby2_keywords (~> 0.0.1)
    nokogiri (1.17.1)
      mini_portile2 (~> 2.8.2)
      racc (~> 1.4)
    odf-report (0.8.1)
      mime-types
      nokogiri (>= 1.12.0)
      rubyzip (>= 1.3.0)
    racc (1.8.1)
    rack (2.2.10)
    rack-protection (3.2.0)
      base64 (>= 0.1.0)
      rack (~> 2.2, >= 2.2.4)
    ruby-ole (1.2.13.1)
    ruby2_keywords (0.0.5)
    rubyzip (2.3.2)
    sinatra (3.2.0)
      mustermann (~> 3.0)
      rack (~> 2.2, >= 2.2.4)
      rack-protection (= 3.2.0)
      tilt (~> 2.0)
    spreadsheet (1.3.3)
      bigdecimal
      ruby-ole
    thin (1.8.2)
      daemons (~> 1.0, >= 1.0.9)
      eventmachine (~> 1.0, >= 1.0.4)
      rack (>= 1, < 3)
    tilt (2.4.0)

PLATFORMS
  ruby

DEPENDENCIES
  odf-report (~> 0.8.1)
  sinatra (~> 3.2.0)
  spreadsheet (~> 1.3.3)
  thin (~> 1.8.2)
  yalab-ruby-ods (~> 0.0.0)!

RUBY VERSION
   ruby 3.3.4p94

BUNDLED WITH
   2.5.16
