GEM
  remote: http://rubygems.org/
  remote: http://gemcutter.org/
  specs:
    nokogiri (1.5.0)
    odf-report (0.4.1)
      nokogiri (>= 1.5.0, >= 0)
      rubyzip (>= 0.9.4, >= 0)
    ruby-ole (1.2.11.2)
    rubyzip (0.9.4)
    spreadsheet (0.6.5.9)
      ruby-ole (>= 1.0)

PLATFORMS
  ruby

DEPENDENCIES
  odf-report (~> 0.4.1)
  spreadsheet (~> 0.6.5.9)
